GEM
  remote: https://rubygems.org/
  specs:
    exifr (1.3.5)
    faraday (0.9.2)
      multipart-post (>= 1.2, < 3)
    faraday_middleware (0.9.2)
      faraday (>= 0.7.4, < 0.10)
    hashie (3.6.0)
    instagram (1.1.6)
      faraday (>= 0.7, < 0.10)
      faraday_middleware (>= 0.8, < 0.10)
      hashie (>= 0.4.0)
      multi_json (~> 1.0, >= 1.0.3)
    multi_json (1.13.1)
    multipart-post (2.0.0)

PLATFORMS
  ruby

DEPENDENCIES
  exifr
  instagram

RUBY VERSION
   ruby 2.5.1p57

BUNDLED WITH
   1.17.3
