GEM
  remote: https://rubygems.org/
  specs:
    exifr (1.3.5)

PLATFORMS
  ruby

DEPENDENCIES
  exifr

RUBY VERSION
   ruby 2.5.1p57

BUNDLED WITH
   1.17.3
